GEM
  remote: https://rubygems.org/
  specs:
    colored (1.2)
    cri (2.6.1)
      colored (~> 1.2)
    faraday (0.9.2)
      multipart-post (>= 1.2, < 3)
    faraday_middleware (0.10.1)
      faraday (>= 0.7.4, < 1.0)
    fast_gettext (1.1.0)
    gettext (3.2.4)
      locale (>= 2.0.5)
      text (>= 1.3.0)
    gettext-setup (0.28)
      fast_gettext (~> 1.1.0)
      gettext (>= 3.0.2)
      locale
    git (1.3.0)
    librarian-puppet (2.2.3)
      librarianp (>= 0.6.3)
      puppet_forge (~> 2.1)
      rsync
    librarianp (0.6.4)
      thor (~> 0.15)
    locale (2.1.2)
    log4r (1.1.10)
    minitar (0.6.1)
    molinillo (0.6.4)
    multi_json (1.12.2)
    multipart-post (2.0.0)
    puppet_forge (2.1.5)
      faraday (~> 0.9.0)
      faraday_middleware (>= 0.9.0, < 0.11.0)
      minitar
      semantic_puppet (~> 0.1.0)
    r10k (2.2.2)
      colored (= 1.2)
      cri (~> 2.6.1)
      log4r (= 1.1.10)
      minitar
      multi_json (~> 1.10)
      puppet_forge (~> 2.1.5)
      semantic_puppet (~> 0.1.0)
    ra10ke (0.3.0)
      git
      puppet_forge
      r10k
      rake
      solve
    rake (12.2.1)
    rsync (1.0.9)
    semantic_puppet (0.1.4)
      gettext-setup (>= 0.3)
    semverse (2.0.0)
    solve (4.0.0)
      molinillo (~> 0.6)
      semverse (>= 1.1, < 3.0)
    text (1.3.1)
    thor (0.20.0)

PLATFORMS
  ruby

DEPENDENCIES
  librarian-puppet
  r10k
  ra10ke

BUNDLED WITH
   1.15.1
